GIT
  remote: https://github.com/oranzhang/sinatra-authentication.git
  revision: 31d4193a5f700afccd4e900cb542fef87f970c59
  specs:
    sinatra-authentication-oran (0.0.1)
      dm-core
      dm-migrations
      dm-timestamps
      dm-validations
      rack-flash3
      rufus-tokyo
      sinatra
      sinbook

GEM
  remote: http://rubygems.org/
  specs:
    activemodel (3.2.9)
      activesupport (= 3.2.9)
      builder (~> 3.0.0)
    activesupport (3.2.9)
      i18n (~> 0.6)
      multi_json (~> 1.0)
    addressable (2.2.8)
    builder (3.0.4)
    dm-core (1.2.0)
      addressable (~> 2.2.6)
    dm-migrations (1.2.0)
      dm-core (~> 1.2.0)
    dm-timestamps (1.2.0)
      dm-core (~> 1.2.0)
    dm-validations (1.2.0)
      dm-core (~> 1.2.0)
    encrypted_cookie (0.0.4)
    i18n (0.6.1)
    json (1.7.5)
    memcache-client (1.8.5)
    mongoid (3.0.14)
      activemodel (~> 3.1)
      moped (~> 1.1)
      origin (~> 1.0)
      tzinfo (~> 0.3.22)
    moped (1.3.1)
    multi_json (1.4.0)
    origin (1.0.11)
    rack (1.4.1)
    rack-flash3 (1.0.1)
      rack
      rack
    rack-protection (1.2.0)
      rack
    rufus-tokyo (1.0.7)
    sinatra (1.3.3)
      rack (~> 1.3, >= 1.3.6)
      rack-protection (~> 1.2)
      tilt (~> 1.3, >= 1.3.3)
    sinbook (0.1.9)
      yajl-ruby
    slim (1.3.4)
      temple (~> 0.5.5)
      tilt (~> 1.3.3)
    temple (0.5.5)
    tilt (1.3.3)
    tzinfo (0.3.35)
    yajl-ruby (1.1.0-x86-mingw32)

PLATFORMS
  x86-mingw32

DEPENDENCIES
  encrypted_cookie
  json
  memcache-client
  mongoid
  sinatra
  sinatra-authentication-oran!
  slim
