GEM
  remote: http://rubygems.org/
  specs:
    activemodel (3.2.8)
      activesupport (= 3.2.8)
      builder (~> 3.0.0)
    activesupport (3.2.8)
      i18n (~> 0.6)
      multi_json (~> 1.0)
    aes (0.5.0)
    backports (2.6.4)
    builder (3.0.3)
    eventmachine (1.0.0-x86-mingw32)
    i18n (0.6.1)
    json (1.7.5)
    kramdown (0.14.0)
    markdown (1.0.0)
      kramdown (>= 0.13.7)
      props (>= 1.0.0)
      textutils (>= 0.2.0)
    memcache-client (1.8.5)
    mongoid (3.0.6)
      activemodel (~> 3.1)
      moped (~> 1.1)
      origin (~> 1.0)
      tzinfo (~> 0.3.22)
    moped (1.2.6)
    multi_json (1.3.6)
    origin (1.0.9)
    props (1.0.0)
    rack (1.4.1)
    rack-protection (1.2.0)
      rack
    rack-test (0.6.2)
      rack (>= 1.0)
    sinatra (1.3.3)
      rack (~> 1.3, >= 1.3.6)
      rack-protection (~> 1.2)
      tilt (~> 1.3, >= 1.3.3)
    sinatra-contrib (1.3.1)
      backports (>= 2.0)
      eventmachine
      rack-protection
      rack-test
      sinatra (~> 1.3.0)
      tilt (~> 1.3)
    textutils (0.2.0)
    tilt (1.3.3)
    tzinfo (0.3.33)

PLATFORMS
  x86-mingw32

DEPENDENCIES
  aes
  json
  markdown
  memcache-client
  mongoid
  sinatra
  sinatra-contrib
